FRAMEWORK: NET452
NUGET
  remote: https://www.nuget.org/api/v2
  specs:
    Akka (1.0.8)
      Newtonsoft.Json (>= 7.0.1)
      System.Collections.Immutable (>= 1.1.36)
    Akka.Cluster (1.0.8.25-beta)
      Akka.Remote (>= 1.0.8)
      Google.ProtocolBuffers (>= 2.4.1.555)
      System.Collections.Immutable (>= 1.1.36)
    Akka.Logger.Serilog (1.0.8)
      Akka (>= 1.0.8)
      Newtonsoft.Json (>= 7.0.1)
      Serilog (>= 1.5.14)
      System.Collections.Immutable (>= 1.1.36)
    Akka.Remote (1.0.8)
      Akka (>= 1.0.8)
      Google.ProtocolBuffers (>= 2.4.1.555)
      Helios (>= 1.4.1)
      System.Collections.Immutable (>= 1.1.36)
    FAKE (4.26)
    Google.ProtocolBuffers (2.4.1.555)
    Helios (1.4.2)
    Newtonsoft.Json (7.0.1)
    Serilog (1.5.14)
    Serilog.Sinks.EventLog (1.5.11)
      Serilog (>= 1.5.7 < 2.0)
    Serilog.Sinks.Literate (1.2)
      Serilog (>= 1.5.7 < 2.0)
    System.Collections.Immutable (1.1.37)
    Topshelf (4.0.1)
    Topshelf.Serilog (4.0.1)
      Serilog (>= 1.5.14)
      Topshelf (>= 4.0.1)
