NUGET
  remote: https://nuget.org/api/v2
  specs:
    Akka (1.0.4) - framework: >= net45
      Newtonsoft.Json (>= 7.0.1)
    Akka.Cluster (1.0.4.12-beta) - framework: >= net45
      Akka.Remote (>= 1.0.4)
      Google.ProtocolBuffers (>= 2.4.1.521)
      Microsoft.Bcl.Immutable (>= 1.0.34)
    Akka.Logger.Serilog (1.0.4) - framework: >= net45
      Akka (>= 1.0.4)
      Serilog (>= 1.3.43)
    Akka.Remote (1.0.4) - framework: >= net45
      Akka (>= 1.0.4)
      Google.ProtocolBuffers (>= 2.4.1.521)
      Helios (>= 1.4.1)
    FAKE (4.9.3)
    Google.ProtocolBuffers (2.4.1.555) - framework: >= net45
    Helios (1.4.1) - framework: >= net45
    Microsoft.Bcl.Immutable (1.0.34) - framework: >= net45
    Newtonsoft.Json (7.0.1) - framework: >= net45
    Serilog (1.5.14) - framework: >= net45
    Serilog.Sinks.EventLog (1.5.11) - framework: >= net45
      Serilog (>= 1.5.7 < 2.0)
    Serilog.Sinks.Literate (1.2.0) - framework: >= net45
      Serilog (>= 1.5.7 < 2.0)
    Topshelf (3.2.0) - framework: >= net45
    Topshelf.Serilog (3.2.0) - framework: >= net45
      Serilog (>= 1.5.5)
      Topshelf (>= 3.2.0)
