FRAMEWORK: NET452
NUGET
  remote: https://www.nuget.org/api/v2
    Akka (1.1.3)
      Newtonsoft.Json (>= 9.0.1)
      System.Collections.Immutable (>= 1.1.36)
    Akka.Cluster (1.1.3)
      Akka.Remote (>= 1.1.3)
      Google.ProtocolBuffers (>= 2.4.1.555)
      System.Collections.Immutable (>= 1.1.36)
    Akka.Logger.Serilog (1.1.3)
      Akka (>= 1.1.3)
      Newtonsoft.Json (>= 9.0.1)
      Serilog (>= 2.4)
      System.Collections.Immutable (>= 1.1.36)
    Akka.Remote (1.1.3)
      Akka (>= 1.1.3)
      Google.ProtocolBuffers (>= 2.4.1.555)
      Helios (>= 2.1.2)
      System.Collections.Immutable (>= 1.1.36)
    Akka.Serialization.Hyperion (1.1.3.32-beta)
      Akka (>= 1.1.3)
      Hyperion (>= 0.9.2)
    FAKE (4.52)
    Google.ProtocolBuffers (2.4.1.555)
    Helios (2.1.3)
    Hyperion (0.9.2)
    Newtonsoft.Json (9.0.1)
    Serilog (2.4)
    Serilog.Enrichers.Environment (2.1.1)
      Serilog (>= 2.0)
    Serilog.Enrichers.Process (2.0.1)
      Serilog (>= 2.0)
    Serilog.Enrichers.Thread (3.0)
      Serilog (>= 2.0)
    Serilog.Sinks.EventLog (3.0.36)
      Serilog (>= 2.0)
    Serilog.Sinks.Literate (2.1)
      Serilog (>= 2.0)
    System.Collections.Immutable (1.3.1)
    Topshelf (4.0.3)
    Topshelf.Serilog (4.0.3)
      Serilog (>= 1.5.14)
      Topshelf (>= 4.0.3)
