FRAMEWORK: NET452
NUGET
  remote: https://www.nuget.org/api/v2
    Akka (1.2)
      Newtonsoft.Json (>= 9.0.1)
      System.Collections.Immutable (>= 1.3.1)
    Akka.Cluster (1.2)
      Akka.Remote (>= 1.2)
      Google.ProtocolBuffers (>= 2.4.1.555)
      System.Collections.Immutable (>= 1.3.1)
    Akka.Logger.Serilog (1.1.3)
      Akka (>= 1.1.3)
      Newtonsoft.Json (>= 9.0.1)
      Serilog (>= 2.4)
      System.Collections.Immutable (>= 1.1.36)
    Akka.Remote (1.2)
      Akka (>= 1.2)
      DotNetty.Buffers (>= 0.4.3)
      DotNetty.Codecs (>= 0.4.3)
      DotNetty.Common (>= 0.4.3)
      DotNetty.Handlers (>= 0.4.3)
      DotNetty.Transport (>= 0.4.3)
      Google.ProtocolBuffers (>= 2.4.1.555)
      System.Collections.Immutable (>= 1.3.1)
    Akka.Serialization.Hyperion (1.2.0.35-beta)
      Akka (>= 1.2)
      Hyperion (>= 0.9.2)
    DotNetty.Buffers (0.4.4)
      DotNetty.Common (>= 0.4.4)
    DotNetty.Codecs (0.4.4)
      DotNetty.Buffers (>= 0.4.4)
      DotNetty.Common (>= 0.4.4)
      DotNetty.Transport (>= 0.4.4)
    DotNetty.Common (0.4.4)
      Microsoft.Extensions.Logging (>= 1.1.1)
    DotNetty.Handlers (0.4.4)
      DotNetty.Buffers (>= 0.4.4)
      DotNetty.Codecs (>= 0.4.4)
      DotNetty.Common (>= 0.4.4)
      DotNetty.Transport (>= 0.4.4)
    DotNetty.Transport (0.4.4)
      DotNetty.Buffers (>= 0.4.4)
      DotNetty.Common (>= 0.4.4)
    FAKE (4.58.6)
    Google.ProtocolBuffers (2.4.1.555)
    Hyperion (0.9.2)
    Microsoft.Extensions.DependencyInjection.Abstractions (1.1)
    Microsoft.Extensions.Logging (1.1.1)
      Microsoft.Extensions.DependencyInjection.Abstractions (>= 1.1)
      Microsoft.Extensions.Logging.Abstractions (>= 1.1.1)
      NETStandard.Library (>= 1.6.1)
    Microsoft.Extensions.Logging.Abstractions (1.1.1)
      NETStandard.Library (>= 1.6.1)
    NETStandard.Library (1.6.1)
      System.Collections.Concurrent (>= 4.3)
      System.Diagnostics.Tracing (>= 4.3)
      System.IO.Compression (>= 4.3)
      System.Net.Http (>= 4.3)
      System.Runtime.InteropServices (>= 4.3)
      System.Runtime.InteropServices.RuntimeInformation (>= 4.3)
      System.Runtime.Numerics (>= 4.3)
      System.Threading.Timer (>= 4.3)
    Newtonsoft.Json (9.0.1)
    Serilog (2.4)
    Serilog.Enrichers.Environment (2.1.2)
      Serilog (>= 2.0)
    Serilog.Enrichers.Process (2.0.1)
      Serilog (>= 2.0)
    Serilog.Enrichers.Thread (3.0)
      Serilog (>= 2.0)
    Serilog.Sinks.EventLog (3.0.36)
      Serilog (>= 2.0)
    Serilog.Sinks.Literate (2.1)
      Serilog (>= 2.0)
    System.Collections.Concurrent (4.3)
    System.Collections.Immutable (1.3.1)
    System.Diagnostics.Tracing (4.3)
    System.IO.Compression (4.3)
    System.Net.Http (4.3.1)
    System.Runtime.InteropServices (4.3)
    System.Runtime.InteropServices.RuntimeInformation (4.3)
    System.Runtime.Numerics (4.3)
    System.Threading.Timer (4.3)
    Topshelf (4.0.3)
    Topshelf.Serilog (4.0.3)
      Serilog (>= 1.5.14)
      Topshelf (>= 4.0.3)
