FRAMEWORK: NET45
NUGET
  remote: https://www.nuget.org/api/v2
  specs:
    Akka (1.0.5)
      Newtonsoft.Json (>= 7.0.1)
    Akka.Cluster (1.0.5.15-beta)
      Akka.Remote (>= 1.0.5)
      Google.ProtocolBuffers (>= 2.4.1.521)
      System.Collections.Immutable (>= 1.1.37)
    Akka.Logger.Serilog (1.0.5)
      Akka (>= 1.0.5)
      Serilog (>= 1.3.43)
    Akka.Remote (1.0.5)
      Akka (>= 1.0.5)
      Google.ProtocolBuffers (>= 2.4.1.521)
      Helios (>= 1.4.1)
    FAKE (4.11.3)
    Google.ProtocolBuffers (2.4.1.555)
    Helios (1.4.1)
    Newtonsoft.Json (7.0.1)
    Serilog (1.5.14)
    Serilog.Sinks.EventLog (1.5.11)
      Serilog (>= 1.5.7 < 2.0)
    Serilog.Sinks.Literate (1.2.0)
      Serilog (>= 1.5.7 < 2.0)
    System.Collections.Immutable (1.1.37)
    Topshelf (3.3.1)
    Topshelf.Serilog (3.3.1)
      Serilog (>= 1.5.14)
      Topshelf (>= 3.3.1)
