FRAMEWORK: NET452
NUGET
  remote: https://www.nuget.org/api/v2
    Akka (1.1)
      Newtonsoft.Json (>= 7.0.1)
      System.Collections.Immutable (>= 1.1.36)
    Akka.Cluster (1.1)
      Akka.Remote (>= 1.1)
      Google.ProtocolBuffers (>= 2.4.1.555)
      System.Collections.Immutable (>= 1.1.36)
    Akka.Logger.Serilog (1.0.8)
      Akka (>= 1.0.8)
      Newtonsoft.Json (>= 7.0.1)
      Serilog (>= 1.5.14)
      System.Collections.Immutable (>= 1.1.36)
    Akka.Remote (1.1)
      Akka (>= 1.1)
      Google.ProtocolBuffers (>= 2.4.1.555)
      Helios (>= 2.1.1)
      System.Collections.Immutable (>= 1.1.36)
    Akka.Serialization.Wire (1.1.0.26-beta)
      Akka (>= 1.1)
      Wire (>= 0.0.6)
    FAKE (4.29.2)
    Google.ProtocolBuffers (2.4.1.555)
    Helios (2.1.1)
    Newtonsoft.Json (9.0.1)
    Serilog (1.5.14)
    Serilog.Sinks.EventLog (1.5.11)
      Serilog (>= 1.5.7 < 2.0)
    Serilog.Sinks.Literate (1.2)
      Serilog (>= 1.5.7 < 2.0)
    System.Collections.Immutable (1.2)
    Topshelf (4.0.1)
    Topshelf.Serilog (4.0.1)
      Serilog (>= 1.5.14)
      Topshelf (>= 4.0.1)
    Wire (0.0.6)
